PATH
  remote: .
  specs:
    serve_dir (0.2.0)
      launchy (~> 2.3.0)
      rack (~> 1.5)
      slop (~> 2)

GEM
  remote: http://rubygems.org/
  specs:
    addressable (2.3.5)
    launchy (2.3.0)
      addressable (~> 2.3)
    rack (1.5.2)
    slop (2.4.4)

PLATFORMS
  ruby

DEPENDENCIES
  serve_dir!
