PATH
  remote: .
  specs:
    serve_dir (0.0.1)
      launchy (~> 2.1.0)
      rack (~> 1.4.1)
      slop (~> 2)

GEM
  remote: http://rubygems.org/
  specs:
    addressable (2.2.7)
    launchy (2.1.0)
      addressable (~> 2.2.6)
    rack (1.4.1)
    slop (2.4.4)

PLATFORMS
  ruby

DEPENDENCIES
  serve_dir!
